PATH
  remote: .
  specs:
    atoz_sso (0.1.0)

GEM
  remote: https://rubygems.org/
  specs:
    rake (13.0.1)

PLATFORMS
  ruby

DEPENDENCIES
  atoz_sso!
  bundler (~> 1.16)
  rake (~> 13.0)

BUNDLED WITH
   1.16.6
